GEM
  remote: http://rubygems.org/
  specs:
    addressable (2.4.0)
    anticipate (0.1.1)
    awesome_print (1.7.0)
    azure (0.6.4)
      json (~> 1.8)
      mime-types (~> 1.0)
      nokogiri (~> 1.5)
      systemu (~> 2.6)
      uuid (~> 2.0)
    backports (3.6.8)
    builder (3.2.2)
    calabash-android (0.7.3)
      awesome_print (~> 1.2)
      cucumber
      escape (~> 0.0.4)
      httpclient (>= 2.3.2, < 3.0)
      json (~> 1.8)
      luffa
      retriable (>= 1.3.3.1, < 1.5)
      rubyzip (~> 1.1)
      slowhandcuke (~> 0.0.3)
    coderay (1.1.1)
    cucumber (1.3.20)
      builder (>= 2.1.2)
      diff-lcs (>= 1.1.3)
      gherkin (~> 2.12)
      multi_json (>= 1.7.5, < 2.0)
      multi_test (>= 0.1.2)
    diff-lcs (1.2.5)
    domain_name (0.5.20160310)
      unf (>= 0.0.5, < 1.0.0)
    escape (0.0.4)
    ethon (0.8.1)
      ffi (>= 1.3.0)
    faraday (0.9.2)
      multipart-post (>= 1.2, < 3)
    faraday_middleware (0.10.0)
      faraday (>= 0.7.4, < 0.10)
    ffi (1.9.10-x64-mingw32)
    gh (0.14.0)
      addressable
      backports
      faraday (~> 0.8)
      multi_json (~> 1.0)
      net-http-persistent (>= 2.7)
      net-http-pipeline
    gherkin (2.12.2)
      multi_json (~> 1.3)
    highline (1.7.8)
    http-cookie (1.0.2)
      domain_name (~> 0.5)
    httpclient (2.8.0)
    json (1.8.3)
    launchy (2.4.3)
      addressable (~> 2.3)
    luffa (2.0.0)
      awesome_print (~> 1.2)
      json (~> 1.8)
      retriable (>= 1.3.3.1, < 2.1)
      thor (~> 0.19)
    macaddr (1.7.1)
      systemu (~> 2.6.2)
    method_source (0.8.2)
    mime-types (1.25.1)
    mimic (0.4.3)
      json
      plist
      rack
      sinatra
    mini_portile2 (2.0.0)
    multi_json (1.11.2)
    multi_test (0.1.2)
    multipart-post (2.0.0)
    net-http-persistent (2.9.4)
    net-http-pipeline (1.0.1)
    netrc (0.11.0)
    nokogiri (1.6.7.2-x64-mingw32)
      mini_portile2 (~> 2.0.0.rc2)
    plist (3.2.0)
    pry (0.9.12.6)
      coderay (~> 1.0)
      method_source (~> 0.8)
      slop (~> 3.4)
    pry-nav (0.2.4)
      pry (>= 0.9.10, < 0.11.0)
    pry-remote (0.1.8)
      pry (~> 0.9)
      slop (~> 3.0)
    pusher-client (0.6.2)
      json
      websocket (~> 1.0)
    rack (1.6.4)
    rack-protection (1.5.3)
      rack
    rake (10.4.2)
    require_all (1.3.3)
    rest-client (1.8.0-x64-mingw32)
      ffi (~> 1.9)
      http-cookie (>= 1.0.2, < 2.0)
      mime-types (>= 1.16, < 3.0)
      netrc (~> 0.7)
    retriable (1.4.1)
    rspec (3.4.0)
      rspec-core (~> 3.4.0)
      rspec-expectations (~> 3.4.0)
      rspec-mocks (~> 3.4.0)
    rspec-core (3.4.4)
      rspec-support (~> 3.4.0)
    rspec-expectations (3.4.0)
      diff-lcs (>= 1.2.0, < 2.0)
      rspec-support (~> 3.4.0)
    rspec-mocks (3.4.1)
      diff-lcs (>= 1.2.0, < 2.0)
      rspec-support (~> 3.4.0)
    rspec-support (3.4.1)
    rubyzip (1.2.0)
    sendgrid_ruby (0.0.6)
      rest-client
      smtpapi
    sinatra (1.4.7)
      rack (~> 1.5)
      rack-protection (~> 1.4)
      tilt (>= 1.3, < 3)
    slop (3.6.0)
    slowhandcuke (0.0.3)
      cucumber
    smtpapi (0.1.0)
    systemu (2.6.5)
    thor (0.19.1)
    tilt (2.0.2)
    travis (1.7.7)
      addressable (~> 2.3)
      backports
      faraday (~> 0.9)
      faraday_middleware (~> 0.9, >= 0.9.1)
      gh (~> 0.13)
      highline (~> 1.6)
      launchy (~> 2.1)
      pry (~> 0.9, < 0.10)
      pusher-client (~> 0.4)
      typhoeus (~> 0.6, >= 0.6.8)
    typhoeus (0.8.0)
      ethon (>= 0.8.0)
    unf (0.1.4)
      unf_ext
    unf_ext (0.0.7.2-x64-mingw32)
    uuid (2.3.8)
      macaddr (~> 1.0)
    websocket (1.2.3)
    xamarin-test-cloud (1.0.0)
      bundler (>= 1.3.0, < 2.0)
      json (~> 1.8)
      mime-types (< 2.0)
      rest-client (~> 1.6)
      retriable (>= 1.3.3.1, < 2.0)
      rubyzip (~> 1.1)
      thor (>= 0.18.1)

PLATFORMS
  x64-mingw32

DEPENDENCIES
  anticipate (~> 0.1.1)
  azure (~> 0.6.4)
  calabash-android (~> 0.7.3)
  cucumber (~> 1.3.14)
  mimic (~> 0.4.3)
  pry (~> 0.9.12.6)
  pry-nav (~> 0.2.4)
  pry-remote (~> 0.1.8)
  rake (~> 10.4.2)
  require_all (~> 1.3.2)
  rspec (~> 3.4.0)
  sendgrid_ruby (~> 0.0.6)
  travis (~> 1.7.5)
  xamarin-test-cloud (~> 1.0.0)

BUNDLED WITH
   1.11.2
